GIT
  remote: http://github.com/ngmoco/bootloader.git
  revision: 645802e0f932d6fe65b3ef2c08e621913b6179f2
  specs:
    bootloader (1.0)
      activesupport
      bundler
      configurability
      syslog-logger (~> 1.6.8)

GEM
  remote: https://rubygems.org/
  specs:
    activemodel (3.2.13)
      activesupport (= 3.2.13)
      builder (~> 3.0.0)
    activerecord (3.2.13)
      activemodel (= 3.2.13)
      activesupport (= 3.2.13)
      arel (~> 3.0.2)
      tzinfo (~> 0.3.29)
    activesupport (3.2.13)
      i18n (= 0.6.1)
      multi_json (~> 1.0)
    arel (3.0.2)
    builder (3.0.4)
    coderay (1.0.9)
    configurability (2.0.0)
      loggability (~> 0.4)
    foreman (0.61.0)
      thor (>= 0.13.6)
    i18n (0.6.1)
    loggability (0.6.0)
    method_source (0.8.1)
    multi_json (1.7.1)
    pry (0.9.12)
      coderay (~> 1.0.5)
      method_source (~> 0.8)
      slop (~> 3.4)
    rack (1.5.2)
    rack-protection (1.5.0)
      rack
    rake (10.0.3)
    sinatra (1.4.1)
      rack (~> 1.5, >= 1.5.2)
      rack-protection (~> 1.4)
      tilt (~> 1.3, >= 1.3.4)
    sinatra-activerecord (1.2.2)
      activerecord (~> 3.0)
      sinatra (~> 1.0)
    slop (3.4.4)
    sqlite3 (1.3.7)
    syslog-logger (1.6.8)
    thor (0.17.0)
    tilt (1.3.6)
    tzinfo (0.3.37)

PLATFORMS
  ruby

DEPENDENCIES
  activerecord
  activesupport
  bootloader!
  foreman
  pry
  rake
  sinatra
  sinatra-activerecord
  sqlite3
